RESTRICTION: || (== netcoreapp3.1) (== netstandard2.0)
NUGET
  remote: https://www.nuget.org/api/v2
    DiffEngine (6.5.5)
      EmptyFiles (>= 2.4)
      Microsoft.Windows.Compatibility (>= 5.0.1)
    EmptyFiles (2.6)
    FSharp.Core (4.5)
    Microsoft.Bcl.AsyncInterfaces (5.0) - restriction: || (&& (== netcoreapp3.1) (>= net472)) (&& (== netcoreapp3.1) (< netstandard2.1)) (== netstandard2.0)
      System.Threading.Tasks.Extensions (>= 4.5.4) - restriction: || (&& (== netcoreapp3.1) (>= net461)) (&& (== netcoreapp3.1) (< netcoreapp2.1) (< netstandard2.1)) (== netstandard2.0)
    Microsoft.CodeCoverage (16.9.1) - restriction: || (== netcoreapp3.1) (&& (== netstandard2.0) (>= net45)) (&& (== netstandard2.0) (>= netcoreapp1.0))
    Microsoft.DotNet.InternalAbstractions (1.0) - restriction: || (== netcoreapp3.1) (&& (== netstandard2.0) (>= netcoreapp2.1))
      System.AppContext (>= 4.1)
      System.Collections (>= 4.0.11)
      System.IO (>= 4.1)
      System.IO.FileSystem (>= 4.0.1)
      System.Reflection.TypeExtensions (>= 4.1)
      System.Runtime.Extensions (>= 4.1)
      System.Runtime.InteropServices (>= 4.1)
      System.Runtime.InteropServices.RuntimeInformation (>= 4.0)
    Microsoft.Extensions.DependencyInjection.Abstractions (5.0)
    Microsoft.Extensions.DiagnosticAdapter (3.1.12)
      System.Diagnostics.DiagnosticSource (>= 4.7.1)
    Microsoft.NET.Test.Sdk (16.9.1)
      Microsoft.CodeCoverage (>= 16.9.1) - restriction: || (== netcoreapp3.1) (&& (== netstandard2.0) (>= net45)) (&& (== netstandard2.0) (>= netcoreapp1.0))
      Microsoft.TestPlatform.TestHost (>= 16.9.1) - restriction: || (== netcoreapp3.1) (&& (== netstandard2.0) (>= netcoreapp1.0))
    Microsoft.NETCore.Platforms (5.0.1)
    Microsoft.NETCore.Targets (5.0) - restriction: || (== netcoreapp3.1) (&& (== netstandard2.0) (>= netcoreapp2.1)) (&& (== netstandard2.0) (>= netcoreapp5.0))
    Microsoft.TestPlatform.ObjectModel (16.9.1) - restriction: || (== netcoreapp3.1) (&& (== netstandard2.0) (>= netcoreapp1.0))
      NuGet.Frameworks (>= 5.0)
      System.Reflection.Metadata (>= 1.6)
    Microsoft.TestPlatform.TestHost (16.9.1) - restriction: || (== netcoreapp3.1) (&& (== netstandard2.0) (>= netcoreapp1.0))
      Microsoft.TestPlatform.ObjectModel (>= 16.9.1) - restriction: || (== netcoreapp3.1) (&& (== netstandard2.0) (>= netcoreapp1.0)) (&& (== netstandard2.0) (>= uap10.0))
      Newtonsoft.Json (>= 9.0.1) - restriction: || (== netcoreapp3.1) (&& (== netstandard2.0) (>= netcoreapp1.0)) (&& (== netstandard2.0) (>= uap10.0))
    Microsoft.Win32.Primitives (4.3) - restriction: || (== netcoreapp3.1) (&& (== netstandard2.0) (>= netcoreapp2.1))
      Microsoft.NETCore.Platforms (>= 1.1)
      Microsoft.NETCore.Targets (>= 1.1)
      System.Runtime (>= 4.3)
    Microsoft.Win32.Registry (5.0)
      System.Security.AccessControl (>= 5.0)
      System.Security.Principal.Windows (>= 5.0)
    Microsoft.Win32.Registry.AccessControl (5.0)
      Microsoft.Win32.Registry (>= 5.0)
      System.Security.AccessControl (>= 5.0)
    Microsoft.Win32.SystemEvents (5.0)
      Microsoft.NETCore.Platforms (>= 5.0) - restriction: || (== netcoreapp3.1) (&& (== netstandard2.0) (>= netcoreapp2.0))
    Microsoft.Windows.Compatibility (5.0.2)
      Microsoft.Win32.Registry (>= 5.0)
      Microsoft.Win32.Registry.AccessControl (>= 5.0)
      Microsoft.Win32.SystemEvents (>= 5.0)
      System.CodeDom (>= 5.0)
      System.ComponentModel.Composition (>= 5.0)
      System.ComponentModel.Composition.Registration (>= 5.0) - restriction: || (== netcoreapp3.1) (&& (== netstandard2.0) (>= netcoreapp3.0)) (&& (== netstandard2.0) (>= netstandard2.1))
      System.Configuration.ConfigurationManager (>= 5.0)
      System.Data.DataSetExtensions (>= 4.5)
      System.Data.Odbc (>= 5.0)
      System.Data.OleDb (>= 5.0)
      System.Data.SqlClient (>= 4.8.1)
      System.Diagnostics.EventLog (>= 5.0.1)
      System.Diagnostics.PerformanceCounter (>= 5.0.1)
      System.DirectoryServices (>= 5.0)
      System.DirectoryServices.AccountManagement (>= 5.0)
      System.DirectoryServices.Protocols (>= 5.0)
      System.Drawing.Common (>= 5.0)
      System.IO.FileSystem.AccessControl (>= 5.0)
      System.IO.Packaging (>= 5.0)
      System.IO.Pipes.AccessControl (>= 5.0)
      System.IO.Ports (>= 5.0)
      System.Management (>= 5.0)
      System.Reflection.Context (>= 5.0) - restriction: || (== netcoreapp3.1) (&& (== netstandard2.0) (>= netcoreapp3.0)) (&& (== netstandard2.0) (>= netstandard2.1))
      System.Reflection.Emit (>= 4.7)
      System.Reflection.Emit.ILGeneration (>= 4.7)
      System.Reflection.Emit.Lightweight (>= 4.7)
      System.Runtime.Caching (>= 5.0)
      System.Security.AccessControl (>= 5.0)
      System.Security.Cryptography.Cng (>= 5.0)
      System.Security.Cryptography.Pkcs (>= 5.0.1)
      System.Security.Cryptography.ProtectedData (>= 5.0)
      System.Security.Cryptography.Xml (>= 5.0)
      System.Security.Permissions (>= 5.0)
      System.Security.Principal.Windows (>= 5.0)
      System.ServiceModel.Duplex (>= 4.8)
      System.ServiceModel.Http (>= 4.8)
      System.ServiceModel.NetTcp (>= 4.8)
      System.ServiceModel.Primitives (>= 4.8)
      System.ServiceModel.Security (>= 4.8)
      System.ServiceModel.Syndication (>= 5.0)
      System.ServiceProcess.ServiceController (>= 5.0)
      System.Speech (>= 5.0)
      System.Text.Encoding.CodePages (>= 5.0)
      System.Threading.AccessControl (>= 5.0)
    MSTest.TestAdapter (2.1.2)
      NETStandard.Library (>= 1.6.1) - restriction: || (== netcoreapp3.1) (&& (== netstandard2.0) (>= netcoreapp1.0))
      System.Diagnostics.TextWriterTraceListener (>= 4.3) - restriction: || (== netcoreapp3.1) (&& (== netstandard2.0) (>= netcoreapp1.0))
    MSTest.TestFramework (2.1.2)
    NETStandard.Library (2.0.3)
      Microsoft.NETCore.Platforms (>= 1.1)
    Newtonsoft.Json (12.0.3)
    NuGet.Frameworks (5.8.1) - restriction: || (== netcoreapp3.1) (&& (== netstandard2.0) (>= netcoreapp1.0))
    NUnit (3.13.1)
      NETStandard.Library (>= 2.0)
    NUnit3TestAdapter (3.17)
      Microsoft.DotNet.InternalAbstractions (>= 1.0) - restriction: || (== netcoreapp3.1) (&& (== netstandard2.0) (>= netcoreapp2.1))
      System.ComponentModel.EventBasedAsync (>= 4.3) - restriction: || (== netcoreapp3.1) (&& (== netstandard2.0) (>= netcoreapp2.1))
      System.ComponentModel.TypeConverter (>= 4.3) - restriction: || (== netcoreapp3.1) (&& (== netstandard2.0) (>= netcoreapp2.1))
      System.Diagnostics.Process (>= 4.3) - restriction: || (== netcoreapp3.1) (&& (== netstandard2.0) (>= netcoreapp2.1))
      System.Reflection (>= 4.3) - restriction: || (== netcoreapp3.1) (&& (== netstandard2.0) (>= netcoreapp2.1))
      System.Runtime.InteropServices.RuntimeInformation (>= 4.3) - restriction: || (== netcoreapp3.1) (&& (== netstandard2.0) (>= netcoreapp2.1))
      System.Threading.Thread (>= 4.3) - restriction: || (== netcoreapp3.1) (&& (== netstandard2.0) (>= netcoreapp2.1))
      System.Xml.XmlDocument (>= 4.3) - restriction: || (== netcoreapp3.1) (&& (== netstandard2.0) (>= netcoreapp2.1))
      System.Xml.XPath.XmlDocument (>= 4.3) - restriction: || (== netcoreapp3.1) (&& (== netstandard2.0) (>= netcoreapp2.1))
    runtime.linux-arm.runtime.native.System.IO.Ports (5.0.0-rtm.20519.4)
    runtime.linux-arm64.runtime.native.System.IO.Ports (5.0.0-rtm.20519.4)
    runtime.linux-x64.runtime.native.System.IO.Ports (5.0.0-rtm.20519.4)
    runtime.native.System (4.3.1) - restriction: || (== netcoreapp3.1) (&& (== netstandard2.0) (>= netcoreapp2.1))
      Microsoft.NETCore.Platforms (>= 1.1.1)
      Microsoft.NETCore.Targets (>= 1.1.3)
    runtime.native.System.Data.SqlClient.sni (4.7)
      runtime.win-arm64.runtime.native.System.Data.SqlClient.sni (>= 4.4)
      runtime.win-x64.runtime.native.System.Data.SqlClient.sni (>= 4.4)
      runtime.win-x86.runtime.native.System.Data.SqlClient.sni (>= 4.4)
    runtime.native.System.IO.Ports (5.0)
      runtime.linux-arm.runtime.native.System.IO.Ports (>= 5.0.0-rtm.20519.4)
      runtime.linux-arm64.runtime.native.System.IO.Ports (>= 5.0.0-rtm.20519.4)
      runtime.linux-x64.runtime.native.System.IO.Ports (>= 5.0.0-rtm.20519.4)
      runtime.osx-x64.runtime.native.System.IO.Ports (>= 5.0.0-rtm.20519.4)
    runtime.osx-x64.runtime.native.System.IO.Ports (5.0.0-rtm.20519.4)
    runtime.win-arm64.runtime.native.System.Data.SqlClient.sni (4.4)
    runtime.win-x64.runtime.native.System.Data.SqlClient.sni (4.4)
    runtime.win-x86.runtime.native.System.Data.SqlClient.sni (4.4)
    System.AppContext (4.3) - restriction: || (== netcoreapp3.1) (&& (== netstandard2.0) (>= netcoreapp2.1))
      System.Runtime (>= 4.3)
    System.Buffers (4.5.1) - restriction: || (&& (== netcoreapp3.1) (< netcoreapp2.0) (< netstandard2.1)) (== netstandard2.0)
    System.CodeDom (5.0)
    System.Collections (4.3) - restriction: || (== netcoreapp3.1) (&& (== netstandard2.0) (>= netcoreapp2.1))
      Microsoft.NETCore.Platforms (>= 1.1)
      Microsoft.NETCore.Targets (>= 1.1)
      System.Runtime (>= 4.3)
    System.Collections.Immutable (5.0) - restriction: || (== netcoreapp3.1) (&& (== netstandard2.0) (>= netcoreapp1.0))
    System.Collections.NonGeneric (4.3) - restriction: || (== netcoreapp3.1) (&& (== netstandard2.0) (>= netcoreapp2.1))
      System.Diagnostics.Debug (>= 4.3)
      System.Globalization (>= 4.3)
      System.Resources.ResourceManager (>= 4.3)
      System.Runtime (>= 4.3)
      System.Runtime.Extensions (>= 4.3)
      System.Threading (>= 4.3)
    System.Collections.Specialized (4.3) - restriction: || (== netcoreapp3.1) (&& (== netstandard2.0) (>= netcoreapp2.1))
      System.Collections.NonGeneric (>= 4.3)
      System.Globalization (>= 4.3)
      System.Globalization.Extensions (>= 4.3)
      System.Resources.ResourceManager (>= 4.3)
      System.Runtime (>= 4.3)
      System.Runtime.Extensions (>= 4.3)
      System.Threading (>= 4.3)
    System.ComponentModel (4.3) - restriction: || (== netcoreapp3.1) (&& (== netstandard2.0) (>= netcoreapp2.1))
      System.Runtime (>= 4.3)
    System.ComponentModel.Composition (5.0)
    System.ComponentModel.Composition.Registration (5.0) - restriction: || (== netcoreapp3.1) (&& (== netstandard2.0) (>= netcoreapp3.0)) (&& (== netstandard2.0) (>= netstandard2.1))
      System.ComponentModel.Composition (>= 5.0) - restriction: || (== netcoreapp3.1) (&& (== netstandard2.0) (>= netstandard2.1))
      System.Reflection.Context (>= 5.0) - restriction: || (== netcoreapp3.1) (&& (== netstandard2.0) (>= monoandroid)) (&& (== netstandard2.0) (>= monotouch)) (&& (== netstandard2.0) (>= netstandard2.1)) (&& (== netstandard2.0) (>= xamarinios)) (&& (== netstandard2.0) (>= xamarinmac)) (&& (== netstandard2.0) (>= xamarintvos)) (&& (== netstandard2.0) (>= xamarinwatchos))
    System.ComponentModel.EventBasedAsync (4.3) - restriction: || (== netcoreapp3.1) (&& (== netstandard2.0) (>= netcoreapp2.1))
      System.Resources.ResourceManager (>= 4.3)
      System.Runtime (>= 4.3)
      System.Threading (>= 4.3)
      System.Threading.Tasks (>= 4.3)
    System.ComponentModel.Primitives (4.3) - restriction: || (== netcoreapp3.1) (&& (== netstandard2.0) (>= netcoreapp2.1))
      System.ComponentModel (>= 4.3)
      System.Resources.ResourceManager (>= 4.3)
      System.Runtime (>= 4.3)
    System.ComponentModel.TypeConverter (4.3) - restriction: || (== netcoreapp3.1) (&& (== netstandard2.0) (>= netcoreapp2.1))
      System.Collections (>= 4.3)
      System.Collections.NonGeneric (>= 4.3)
      System.Collections.Specialized (>= 4.3)
      System.ComponentModel (>= 4.3)
      System.ComponentModel.Primitives (>= 4.3)
      System.Globalization (>= 4.3)
      System.Linq (>= 4.3)
      System.Reflection (>= 4.3)
      System.Reflection.Extensions (>= 4.3)
      System.Reflection.Primitives (>= 4.3)
      System.Reflection.TypeExtensions (>= 4.3)
      System.Resources.ResourceManager (>= 4.3)
      System.Runtime (>= 4.3)
      System.Runtime.Extensions (>= 4.3)
      System.Threading (>= 4.3)
    System.Configuration.ConfigurationManager (5.0)
      System.Security.Cryptography.ProtectedData (>= 5.0)
      System.Security.Permissions (>= 5.0)
    System.Data.DataSetExtensions (4.5)
    System.Data.Odbc (5.0)
      Microsoft.NETCore.Platforms (>= 5.0) - restriction: || (== netcoreapp3.1) (&& (== netstandard2.0) (>= netcoreapp2.0))
    System.Data.OleDb (5.0)
      Microsoft.Win32.Registry (>= 5.0)
      System.Configuration.ConfigurationManager (>= 5.0)
      System.Diagnostics.PerformanceCounter (>= 5.0)
      System.Memory (>= 4.5.4) - restriction: || (&& (== netcoreapp3.1) (< netcoreapp2.1)) (== netstandard2.0)
      System.Security.Principal.Windows (>= 5.0)
    System.Data.SqlClient (4.8.2)
      Microsoft.Win32.Registry (>= 4.7)
      runtime.native.System.Data.SqlClient.sni (>= 4.7)
      System.Buffers (>= 4.5.1) - restriction: || (&& (== netcoreapp3.1) (< netcoreapp2.0)) (== netstandard2.0)
      System.Diagnostics.DiagnosticSource (>= 4.7) - restriction: || (&& (== netcoreapp3.1) (< netcoreapp2.0)) (&& (== netcoreapp3.1) (< netcoreapp2.1)) (&& (== netcoreapp3.1) (< netstandard2.0)) (&& (== netcoreapp3.1) (>= uap10.1)) (== netstandard2.0)
      System.Memory (>= 4.5.4) - restriction: || (&& (== netcoreapp3.1) (< netcoreapp2.0)) (&& (== netcoreapp3.1) (< netcoreapp2.1)) (&& (== netcoreapp3.1) (>= uap10.1)) (== netstandard2.0)
      System.Security.Principal.Windows (>= 4.7)
      System.Text.Encoding.CodePages (>= 4.7) - restriction: || (&& (== netcoreapp3.1) (< netcoreapp2.0)) (&& (== netcoreapp3.1) (< netcoreapp2.1)) (&& (== netcoreapp3.1) (< netstandard2.0)) (&& (== netcoreapp3.1) (>= uap10.1)) (== netstandard2.0)
    System.Diagnostics.Debug (4.3) - restriction: || (== netcoreapp3.1) (&& (== netstandard2.0) (>= netcoreapp2.1))
      Microsoft.NETCore.Platforms (>= 1.1)
      Microsoft.NETCore.Targets (>= 1.1)
      System.Runtime (>= 4.3)
    System.Diagnostics.DiagnosticSource (5.0.1)
      System.Memory (>= 4.5.4) - restriction: || (&& (== netcoreapp3.1) (>= net45) (< netstandard1.3)) (&& (== netcoreapp3.1) (>= net46)) (&& (== netcoreapp3.1) (< netcoreapp2.1)) (&& (== netcoreapp3.1) (< netstandard2.0)) (&& (== netcoreapp3.1) (>= uap10.1)) (== netstandard2.0)
      System.Runtime.CompilerServices.Unsafe (>= 5.0) - restriction: || (&& (== netcoreapp3.1) (>= monoandroid)) (&& (== netcoreapp3.1) (>= monotouch)) (&& (== netcoreapp3.1) (>= net45) (< netstandard1.3)) (&& (== netcoreapp3.1) (>= net46)) (&& (== netcoreapp3.1) (< netcoreapp2.1)) (&& (== netcoreapp3.1) (< netcoreapp3.0)) (&& (== netcoreapp3.1) (< netstandard2.0)) (&& (== netcoreapp3.1) (>= uap10.1)) (&& (== netcoreapp3.1) (>= xamarinios)) (&& (== netcoreapp3.1) (>= xamarinmac)) (&& (== netcoreapp3.1) (>= xamarintvos)) (&& (== netcoreapp3.1) (>= xamarinwatchos)) (== netstandard2.0)
    System.Diagnostics.EventLog (5.0.1)
      Microsoft.NETCore.Platforms (>= 5.0.1) - restriction: || (== netcoreapp3.1) (&& (== netstandard2.0) (>= netcoreapp2.0))
      Microsoft.Win32.Registry (>= 5.0) - restriction: || (== netcoreapp3.1) (&& (== netstandard2.0) (>= netcoreapp2.0))
      System.Security.Principal.Windows (>= 5.0)
    System.Diagnostics.PerformanceCounter (5.0.1)
      Microsoft.NETCore.Platforms (>= 5.0.1) - restriction: || (== netcoreapp3.1) (&& (== netstandard2.0) (>= netcoreapp2.0))
      Microsoft.Win32.Registry (>= 5.0) - restriction: || (== netcoreapp3.1) (&& (== netstandard2.0) (>= netcoreapp2.0))
      System.Configuration.ConfigurationManager (>= 5.0) - restriction: || (== netcoreapp3.1) (&& (== netstandard2.0) (>= netcoreapp2.0))
      System.Security.Principal.Windows (>= 5.0) - restriction: || (== netcoreapp3.1) (&& (== netstandard2.0) (>= netcoreapp2.0))
    System.Diagnostics.Process (4.3) - restriction: || (== netcoreapp3.1) (&& (== netstandard2.0) (>= netcoreapp2.1))
      Microsoft.NETCore.Platforms (>= 1.1)
      Microsoft.Win32.Primitives (>= 4.3)
      Microsoft.Win32.Registry (>= 4.3)
      runtime.native.System (>= 4.3)
      System.Collections (>= 4.3)
      System.Diagnostics.Debug (>= 4.3)
      System.Globalization (>= 4.3)
      System.IO (>= 4.3)
      System.IO.FileSystem (>= 4.3)
      System.IO.FileSystem.Primitives (>= 4.3)
      System.Resources.ResourceManager (>= 4.3)
      System.Runtime (>= 4.3)
      System.Runtime.Extensions (>= 4.3)
      System.Runtime.Handles (>= 4.3)
      System.Runtime.InteropServices (>= 4.3)
      System.Text.Encoding (>= 4.3)
      System.Text.Encoding.Extensions (>= 4.3)
      System.Threading (>= 4.3)
      System.Threading.Tasks (>= 4.3)
      System.Threading.Thread (>= 4.3)
      System.Threading.ThreadPool (>= 4.3)
    System.Diagnostics.TextWriterTraceListener (4.3) - restriction: || (== netcoreapp3.1) (&& (== netstandard2.0) (>= netcoreapp1.0))
      System.Diagnostics.TraceSource (>= 4.3)
      System.Globalization (>= 4.3)
      System.IO (>= 4.3)
      System.Resources.ResourceManager (>= 4.3)
      System.Runtime (>= 4.3)
      System.Threading (>= 4.3)
    System.Diagnostics.TraceSource (4.3) - restriction: || (== netcoreapp3.1) (&& (== netstandard2.0) (>= netcoreapp1.0))
      Microsoft.NETCore.Platforms (>= 1.1)
      runtime.native.System (>= 4.3)
      System.Collections (>= 4.3)
      System.Diagnostics.Debug (>= 4.3)
      System.Globalization (>= 4.3)
      System.Resources.ResourceManager (>= 4.3)
      System.Runtime (>= 4.3)
      System.Runtime.Extensions (>= 4.3)
      System.Threading (>= 4.3)
    System.DirectoryServices (5.0)
      Microsoft.NETCore.Platforms (>= 5.0) - restriction: || (== netcoreapp3.1) (&& (== netstandard2.0) (>= netcoreapp2.0))
      System.IO.FileSystem.AccessControl (>= 5.0)
      System.Security.AccessControl (>= 5.0)
      System.Security.Permissions (>= 5.0)
      System.Security.Principal.Windows (>= 5.0)
    System.DirectoryServices.AccountManagement (5.0)
      Microsoft.NETCore.Platforms (>= 5.0) - restriction: || (== netcoreapp3.1) (&& (== netstandard2.0) (>= netcoreapp2.0))
      System.Configuration.ConfigurationManager (>= 5.0) - restriction: || (== netcoreapp3.1) (&& (== netstandard2.0) (>= netcoreapp2.0))
      System.DirectoryServices (>= 5.0) - restriction: || (== netcoreapp3.1) (&& (== netstandard2.0) (>= netcoreapp2.0))
      System.DirectoryServices.Protocols (>= 5.0) - restriction: || (== netcoreapp3.1) (&& (== netstandard2.0) (>= netcoreapp2.0))
      System.IO.FileSystem.AccessControl (>= 5.0) - restriction: || (== netcoreapp3.1) (&& (== netstandard2.0) (>= netcoreapp2.0))
      System.Security.AccessControl (>= 5.0) - restriction: || (== netcoreapp3.1) (&& (== netstandard2.0) (>= netcoreapp2.0))
      System.Security.Principal.Windows (>= 5.0)
    System.DirectoryServices.Protocols (5.0)
      Microsoft.NETCore.Platforms (>= 5.0) - restriction: || (== netcoreapp3.1) (&& (== netstandard2.0) (>= netcoreapp2.0))
      System.Security.Principal.Windows (>= 5.0)
    System.Drawing.Common (5.0.1)
      Microsoft.Win32.SystemEvents (>= 5.0) - restriction: || (== netcoreapp3.1) (&& (== netstandard2.0) (>= netcoreapp2.0))
    System.Formats.Asn1 (5.0)
    System.Globalization (4.3) - restriction: || (== netcoreapp3.1) (&& (== netstandard2.0) (>= netcoreapp1.0))
      Microsoft.NETCore.Platforms (>= 1.1)
      Microsoft.NETCore.Targets (>= 1.1)
      System.Runtime (>= 4.3)
    System.Globalization.Extensions (4.3) - restriction: || (== netcoreapp3.1) (&& (== netstandard2.0) (>= netcoreapp2.1))
      Microsoft.NETCore.Platforms (>= 1.1)
      System.Globalization (>= 4.3)
      System.Resources.ResourceManager (>= 4.3)
      System.Runtime (>= 4.3)
      System.Runtime.Extensions (>= 4.3)
      System.Runtime.InteropServices (>= 4.3)
    System.IO (4.3) - restriction: || (== netcoreapp3.1) (&& (== netstandard2.0) (>= netcoreapp1.0))
      Microsoft.NETCore.Platforms (>= 1.1)
      Microsoft.NETCore.Targets (>= 1.1)
      System.Runtime (>= 4.3)
      System.Text.Encoding (>= 4.3)
      System.Threading.Tasks (>= 4.3)
    System.IO.FileSystem (4.3) - restriction: || (== netcoreapp3.1) (&& (== netstandard2.0) (>= netcoreapp2.1))
      Microsoft.NETCore.Platforms (>= 1.1)
      Microsoft.NETCore.Targets (>= 1.1)
      System.IO (>= 4.3)
      System.IO.FileSystem.Primitives (>= 4.3)
      System.Runtime (>= 4.3)
      System.Runtime.Handles (>= 4.3)
      System.Text.Encoding (>= 4.3)
      System.Threading.Tasks (>= 4.3)
    System.IO.FileSystem.AccessControl (5.0)
      System.Buffers (>= 4.5.1) - restriction: || (&& (== netcoreapp3.1) (>= monoandroid)) (&& (== netcoreapp3.1) (>= monotouch)) (&& (== netcoreapp3.1) (< netcoreapp2.0)) (&& (== netcoreapp3.1) (>= xamarinios)) (&& (== netcoreapp3.1) (>= xamarinmac)) (&& (== netcoreapp3.1) (>= xamarintvos)) (&& (== netcoreapp3.1) (>= xamarinwatchos)) (== netstandard2.0)
      System.Memory (>= 4.5.4) - restriction: || (&& (== netcoreapp3.1) (< netcoreapp2.0)) (&& (== netcoreapp3.1) (< netcoreapp2.1)) (&& (== netcoreapp3.1) (>= uap10.1)) (== netstandard2.0)
      System.Security.AccessControl (>= 5.0)
      System.Security.Principal.Windows (>= 5.0)
    System.IO.FileSystem.Primitives (4.3) - restriction: || (== netcoreapp3.1) (&& (== netstandard2.0) (>= netcoreapp2.1))
      System.Runtime (>= 4.3)
    System.IO.Packaging (5.0)
    System.IO.Pipes.AccessControl (5.0)
      Microsoft.NETCore.Platforms (>= 5.0) - restriction: || (== netcoreapp3.1) (&& (== netstandard2.0) (>= netcoreapp2.1))
      System.Security.AccessControl (>= 5.0)
      System.Security.Principal.Windows (>= 5.0)
    System.IO.Ports (5.0)
      Microsoft.Win32.Registry (>= 5.0)
      runtime.native.System.IO.Ports (>= 5.0)
      System.Memory (>= 4.5.4) - restriction: || (&& (== netcoreapp3.1) (< netcoreapp2.1)) (== netstandard2.0)
    System.Linq (4.3) - restriction: || (== netcoreapp3.1) (&& (== netstandard2.0) (>= netcoreapp2.1))
      System.Collections (>= 4.3)
      System.Diagnostics.Debug (>= 4.3)
      System.Resources.ResourceManager (>= 4.3)
      System.Runtime (>= 4.3)
      System.Runtime.Extensions (>= 4.3)
    System.Management (5.0)
      Microsoft.NETCore.Platforms (>= 5.0) - restriction: || (== netcoreapp3.1) (&& (== netstandard2.0) (>= netcoreapp2.0))
      Microsoft.Win32.Registry (>= 5.0) - restriction: || (== netcoreapp3.1) (&& (== netstandard2.0) (>= netcoreapp2.0))
      System.CodeDom (>= 5.0)
    System.Memory (4.5.4) - restriction: || (&& (== netcoreapp3.1) (>= net45) (< netstandard1.3)) (&& (== netcoreapp3.1) (>= net46)) (&& (== netcoreapp3.1) (< netcoreapp2.1)) (&& (== netcoreapp3.1) (< netstandard2.0)) (&& (== netcoreapp3.1) (>= uap10.1)) (== netstandard2.0)
      System.Buffers (>= 4.5.1) - restriction: || (&& (== netcoreapp3.1) (>= monoandroid)) (&& (== netcoreapp3.1) (>= monotouch)) (&& (== netcoreapp3.1) (>= net461)) (&& (== netcoreapp3.1) (< netcoreapp2.0)) (&& (== netcoreapp3.1) (< netstandard1.1)) (&& (== netcoreapp3.1) (< netstandard2.0)) (&& (== netcoreapp3.1) (>= xamarinios)) (&& (== netcoreapp3.1) (>= xamarinmac)) (&& (== netcoreapp3.1) (>= xamarintvos)) (&& (== netcoreapp3.1) (>= xamarinwatchos)) (== netstandard2.0)
      System.Numerics.Vectors (>= 4.4) - restriction: || (&& (== netcoreapp3.1) (< netcoreapp2.0)) (== netstandard2.0)
      System.Runtime.CompilerServices.Unsafe (>= 4.5.3) - restriction: || (&& (== netcoreapp3.1) (>= monoandroid)) (&& (== netcoreapp3.1) (>= monotouch)) (&& (== netcoreapp3.1) (>= net461)) (&& (== netcoreapp3.1) (< netcoreapp2.0)) (&& (== netcoreapp3.1) (< netcoreapp2.1)) (&& (== netcoreapp3.1) (< netstandard1.1)) (&& (== netcoreapp3.1) (< netstandard2.0)) (&& (== netcoreapp3.1) (>= uap10.1)) (&& (== netcoreapp3.1) (>= xamarinios)) (&& (== netcoreapp3.1) (>= xamarinmac)) (&& (== netcoreapp3.1) (>= xamarintvos)) (&& (== netcoreapp3.1) (>= xamarinwatchos)) (== netstandard2.0)
    System.Numerics.Vectors (4.5)
    System.Private.ServiceModel (4.8.1)
      System.Numerics.Vectors (>= 4.5)
      System.Reflection.DispatchProxy (>= 4.7.1)
      System.Security.Cryptography.Xml (>= 4.7)
      System.Security.Principal.Windows (>= 4.7)
    System.Reflection (4.3) - restriction: || (== netcoreapp3.1) (&& (== netstandard2.0) (>= netcoreapp2.1))
      Microsoft.NETCore.Platforms (>= 1.1)
      Microsoft.NETCore.Targets (>= 1.1)
      System.IO (>= 4.3)
      System.Reflection.Primitives (>= 4.3)
      System.Runtime (>= 4.3)
    System.Reflection.Context (5.0) - restriction: || (== netcoreapp3.1) (&& (== netstandard2.0) (>= netcoreapp3.0)) (&& (== netstandard2.0) (>= netstandard2.1))
    System.Reflection.DispatchProxy (4.7.1)
    System.Reflection.Emit (4.7)
      System.Reflection.Emit.ILGeneration (>= 4.7) - restriction: || (&& (== netcoreapp3.1) (< netcoreapp2.0) (< netstandard2.1)) (&& (== netcoreapp3.1) (>= netcoreapp5.0)) (&& (== netcoreapp3.1) (< netstandard1.1)) (&& (== netcoreapp3.1) (< netstandard2.0)) (&& (== netcoreapp3.1) (>= uap10.1)) (== netstandard2.0)
    System.Reflection.Emit.ILGeneration (4.7)
    System.Reflection.Emit.Lightweight (4.7)
      System.Reflection.Emit.ILGeneration (>= 4.7) - restriction: || (&& (== netcoreapp3.1) (< netcoreapp2.0) (< netstandard2.1)) (&& (== netcoreapp3.1) (>= netcoreapp5.0)) (&& (== netcoreapp3.1) (< netstandard2.0)) (&& (== netcoreapp3.1) (< portable-net45+wp8)) (&& (== netcoreapp3.1) (>= uap10.1)) (== netstandard2.0)
    System.Reflection.Extensions (4.3) - restriction: || (== netcoreapp3.1) (&& (== netstandard2.0) (>= netcoreapp2.1))
      Microsoft.NETCore.Platforms (>= 1.1)
      Microsoft.NETCore.Targets (>= 1.1)
      System.Reflection (>= 4.3)
      System.Runtime (>= 4.3)
    System.Reflection.Metadata (5.0) - restriction: || (== netcoreapp3.1) (&& (== netstandard2.0) (>= netcoreapp1.0))
      System.Collections.Immutable (>= 5.0)
    System.Reflection.Primitives (4.3) - restriction: || (== netcoreapp3.1) (&& (== netstandard2.0) (>= netcoreapp2.1))
      Microsoft.NETCore.Platforms (>= 1.1)
      Microsoft.NETCore.Targets (>= 1.1)
      System.Runtime (>= 4.3)
    System.Reflection.TypeExtensions (4.7) - restriction: || (== netcoreapp3.1) (&& (== netstandard2.0) (>= netcoreapp2.1))
    System.Resources.ResourceManager (4.3) - restriction: || (== netcoreapp3.1) (&& (== netstandard2.0) (>= netcoreapp1.0))
      Microsoft.NETCore.Platforms (>= 1.1)
      Microsoft.NETCore.Targets (>= 1.1)
      System.Globalization (>= 4.3)
      System.Reflection (>= 4.3)
      System.Runtime (>= 4.3)
    System.Runtime (4.3.1) - restriction: || (== netcoreapp3.1) (&& (== netstandard2.0) (>= netcoreapp2.1)) (&& (== netstandard2.0) (>= netcoreapp5.0))
      Microsoft.NETCore.Platforms (>= 1.1.1)
      Microsoft.NETCore.Targets (>= 1.1.3)
    System.Runtime.Caching (5.0)
      System.Configuration.ConfigurationManager (>= 5.0)
    System.Runtime.CompilerServices.Unsafe (5.0)
    System.Runtime.Extensions (4.3.1) - restriction: || (== netcoreapp3.1) (&& (== netstandard2.0) (>= netcoreapp2.1))
      Microsoft.NETCore.Platforms (>= 1.1.1)
      Microsoft.NETCore.Targets (>= 1.1.3)
      System.Runtime (>= 4.3.1)
    System.Runtime.Handles (4.3) - restriction: || (== netcoreapp3.1) (&& (== netstandard2.0) (>= netcoreapp2.1))
      Microsoft.NETCore.Platforms (>= 1.1)
      Microsoft.NETCore.Targets (>= 1.1)
      System.Runtime (>= 4.3)
    System.Runtime.InteropServices (4.3) - restriction: || (== netcoreapp3.1) (&& (== netstandard2.0) (>= netcoreapp2.1))
      Microsoft.NETCore.Platforms (>= 1.1)
      Microsoft.NETCore.Targets (>= 1.1)
      System.Reflection (>= 4.3)
      System.Reflection.Primitives (>= 4.3)
      System.Runtime (>= 4.3)
      System.Runtime.Handles (>= 4.3)
    System.Runtime.InteropServices.RuntimeInformation (4.3) - restriction: || (== netcoreapp3.1) (&& (== netstandard2.0) (>= netcoreapp2.1))
      runtime.native.System (>= 4.3)
      System.Reflection (>= 4.3)
      System.Reflection.Extensions (>= 4.3)
      System.Resources.ResourceManager (>= 4.3)
      System.Runtime (>= 4.3)
      System.Runtime.InteropServices (>= 4.3)
      System.Threading (>= 4.3)
    System.Security.AccessControl (5.0)
      Microsoft.NETCore.Platforms (>= 5.0) - restriction: || (== netcoreapp3.1) (&& (== netstandard2.0) (>= netcoreapp2.0))
      System.Security.Principal.Windows (>= 5.0)
    System.Security.Cryptography.Cng (5.0)
      System.Formats.Asn1 (>= 5.0) - restriction: || (== netcoreapp3.1) (&& (== netstandard2.0) (>= netcoreapp3.0))
    System.Security.Cryptography.Pkcs (5.0.1)
      System.Buffers (>= 4.5.1) - restriction: || (&& (== netcoreapp3.1) (< netcoreapp2.0) (< netstandard2.1)) (== netstandard2.0)
      System.Formats.Asn1 (>= 5.0)
      System.Memory (>= 4.5.4) - restriction: || (&& (== netcoreapp3.1) (< netcoreapp2.0) (< netstandard2.1)) (&& (== netcoreapp3.1) (< netcoreapp2.1) (< netstandard2.1)) (&& (== netcoreapp3.1) (>= uap10.1)) (== netstandard2.0)
      System.Security.Cryptography.Cng (>= 5.0)
    System.Security.Cryptography.ProtectedData (5.0)
      System.Memory (>= 4.5.4) - restriction: || (&& (== netcoreapp3.1) (< netcoreapp2.1)) (== netstandard2.0)
    System.Security.Cryptography.Xml (5.0)
      System.Memory (>= 4.5.4) - restriction: || (&& (== netcoreapp3.1) (< netcoreapp2.1)) (== netstandard2.0)
      System.Security.Cryptography.Pkcs (>= 5.0)
      System.Security.Permissions (>= 5.0)
    System.Security.Permissions (5.0)
      System.Security.AccessControl (>= 5.0)
      System.Windows.Extensions (>= 5.0) - restriction: || (== netcoreapp3.1) (&& (== netstandard2.0) (>= netcoreapp3.0))
    System.Security.Principal.Windows (5.0)
    System.ServiceModel.Duplex (4.8.1)
      System.Private.ServiceModel (>= 4.8.1)
      System.ServiceModel.Primitives (>= 4.8.1)
    System.ServiceModel.Http (4.8.1)
      System.Private.ServiceModel (>= 4.8.1)
      System.ServiceModel.Primitives (>= 4.8.1)
    System.ServiceModel.NetTcp (4.8.1)
      System.Private.ServiceModel (>= 4.8.1)
      System.ServiceModel.Primitives (>= 4.8.1)
    System.ServiceModel.Primitives (4.8.1)
      System.Private.ServiceModel (>= 4.8.1)
    System.ServiceModel.Security (4.8.1)
      System.Private.ServiceModel (>= 4.8.1)
      System.ServiceModel.Primitives (>= 4.8.1)
    System.ServiceModel.Syndication (5.0)
    System.ServiceProcess.ServiceController (5.0)
      System.Buffers (>= 4.5.1) - restriction: || (&& (== netcoreapp3.1) (>= monoandroid)) (&& (== netcoreapp3.1) (>= monotouch)) (&& (== netcoreapp3.1) (< netcoreapp2.0)) (&& (== netcoreapp3.1) (>= xamarinios)) (&& (== netcoreapp3.1) (>= xamarinmac)) (&& (== netcoreapp3.1) (>= xamarintvos)) (&& (== netcoreapp3.1) (>= xamarinwatchos)) (== netstandard2.0)
      System.Diagnostics.EventLog (>= 5.0)
      System.Memory (>= 4.5.4) - restriction: || (&& (== netcoreapp3.1) (< netcoreapp2.0)) (&& (== netcoreapp3.1) (< netcoreapp2.1)) (&& (== netcoreapp3.1) (>= uap10.1)) (== netstandard2.0)
    System.Speech (5.0)
      Microsoft.NETCore.Platforms (>= 5.0.1) - restriction: || (== netcoreapp3.1) (&& (== netstandard2.0) (>= netcoreapp2.1))
      Microsoft.Win32.Registry (>= 5.0) - restriction: || (== netcoreapp3.1) (&& (== netstandard2.0) (>= netcoreapp2.1))
    System.Text.Encoding (4.3) - restriction: || (== netcoreapp3.1) (&& (== netstandard2.0) (>= netcoreapp2.1))
      Microsoft.NETCore.Platforms (>= 1.1)
      Microsoft.NETCore.Targets (>= 1.1)
      System.Runtime (>= 4.3)
    System.Text.Encoding.CodePages (5.0)
      Microsoft.NETCore.Platforms (>= 5.0) - restriction: || (== netcoreapp3.1) (&& (== netstandard2.0) (>= netcoreapp2.0))
      System.Runtime.CompilerServices.Unsafe (>= 5.0)
    System.Text.Encoding.Extensions (4.3) - restriction: || (== netcoreapp3.1) (&& (== netstandard2.0) (>= netcoreapp2.1))
      Microsoft.NETCore.Platforms (>= 1.1)
      Microsoft.NETCore.Targets (>= 1.1)
      System.Runtime (>= 4.3)
      System.Text.Encoding (>= 4.3)
    System.Text.RegularExpressions (4.3.1) - restriction: || (== netcoreapp3.1) (&& (== netstandard2.0) (>= netcoreapp2.1)) (&& (== netstandard2.0) (>= netcoreapp5.0))
      System.Runtime (>= 4.3.1)
    System.Threading (4.3) - restriction: || (== netcoreapp3.1) (&& (== netstandard2.0) (>= netcoreapp1.0))
      System.Runtime (>= 4.3)
      System.Threading.Tasks (>= 4.3)
    System.Threading.AccessControl (5.0)
      System.Memory (>= 4.5.4) - restriction: || (&& (== netcoreapp3.1) (< netcoreapp2.1)) (== netstandard2.0)
      System.Security.AccessControl (>= 5.0)
      System.Security.Principal.Windows (>= 5.0)
    System.Threading.Tasks (4.3) - restriction: || (== netcoreapp3.1) (&& (== netstandard2.0) (>= netcoreapp2.1)) (&& (== netstandard2.0) (>= netcoreapp5.0))
      Microsoft.NETCore.Platforms (>= 1.1)
      Microsoft.NETCore.Targets (>= 1.1)
      System.Runtime (>= 4.3)
    System.Threading.Tasks.Extensions (4.5.4)
      System.Runtime.CompilerServices.Unsafe (>= 4.5.3) - restriction: || (&& (== netcoreapp3.1) (>= net461)) (&& (== netcoreapp3.1) (< netcoreapp2.1)) (&& (== netcoreapp3.1) (< netstandard1.0)) (&& (== netcoreapp3.1) (< netstandard2.0)) (&& (== netcoreapp3.1) (>= wp8)) (== netstandard2.0)
    System.Threading.Thread (4.3) - restriction: || (== netcoreapp3.1) (&& (== netstandard2.0) (>= netcoreapp2.1))
      System.Runtime (>= 4.3)
    System.Threading.ThreadPool (4.3) - restriction: || (== netcoreapp3.1) (&& (== netstandard2.0) (>= netcoreapp2.1))
      System.Runtime (>= 4.3)
      System.Runtime.Handles (>= 4.3)
    System.Windows.Extensions (5.0) - restriction: || (== netcoreapp3.1) (&& (== netstandard2.0) (>= netcoreapp3.0))
      System.Drawing.Common (>= 5.0) - restriction: || (== netcoreapp3.1) (&& (== netstandard2.0) (>= netcoreapp3.0))
    System.Xml.ReaderWriter (4.3.1) - restriction: || (== netcoreapp3.1) (&& (== netstandard2.0) (>= netcoreapp2.1))
      System.Collections (>= 4.3)
      System.Diagnostics.Debug (>= 4.3)
      System.Globalization (>= 4.3)
      System.IO (>= 4.3)
      System.IO.FileSystem (>= 4.3)
      System.IO.FileSystem.Primitives (>= 4.3)
      System.Resources.ResourceManager (>= 4.3)
      System.Runtime (>= 4.3)
      System.Runtime.Extensions (>= 4.3)
      System.Runtime.InteropServices (>= 4.3)
      System.Text.Encoding (>= 4.3)
      System.Text.Encoding.Extensions (>= 4.3)
      System.Text.RegularExpressions (>= 4.3)
      System.Threading.Tasks (>= 4.3)
      System.Threading.Tasks.Extensions (>= 4.3)
    System.Xml.XmlDocument (4.3) - restriction: || (== netcoreapp3.1) (&& (== netstandard2.0) (>= netcoreapp2.1))
      System.Collections (>= 4.3)
      System.Diagnostics.Debug (>= 4.3)
      System.Globalization (>= 4.3)
      System.IO (>= 4.3)
      System.Resources.ResourceManager (>= 4.3)
      System.Runtime (>= 4.3)
      System.Runtime.Extensions (>= 4.3)
      System.Text.Encoding (>= 4.3)
      System.Threading (>= 4.3)
      System.Xml.ReaderWriter (>= 4.3)
    System.Xml.XPath (4.3) - restriction: || (== netcoreapp3.1) (&& (== netstandard2.0) (>= netcoreapp2.1))
      System.Collections (>= 4.3)
      System.Diagnostics.Debug (>= 4.3)
      System.Globalization (>= 4.3)
      System.IO (>= 4.3)
      System.Resources.ResourceManager (>= 4.3)
      System.Runtime (>= 4.3)
      System.Runtime.Extensions (>= 4.3)
      System.Threading (>= 4.3)
      System.Xml.ReaderWriter (>= 4.3)
    System.Xml.XPath.XmlDocument (4.3) - restriction: || (== netcoreapp3.1) (&& (== netstandard2.0) (>= netcoreapp2.1))
      System.Collections (>= 4.3)
      System.Globalization (>= 4.3)
      System.IO (>= 4.3)
      System.Resources.ResourceManager (>= 4.3)
      System.Runtime (>= 4.3)
      System.Runtime.Extensions (>= 4.3)
      System.Threading (>= 4.3)
      System.Xml.ReaderWriter (>= 4.3)
      System.Xml.XmlDocument (>= 4.3)
      System.Xml.XPath (>= 4.3)
    TextCopy (4.3)
      Microsoft.Extensions.DependencyInjection.Abstractions (>= 5.0)
    Unquote (4.0)
      FSharp.Core (>= 4.2.3)
    Verify (10.9.1)
      DiffEngine (>= 6.5.5)
      EmptyFiles (>= 2.6)
      Microsoft.Bcl.AsyncInterfaces (>= 5.0) - restriction: || (&& (== netcoreapp3.1) (>= net472)) (&& (== netcoreapp3.1) (< netstandard2.1)) (== netstandard2.0)
      Microsoft.Extensions.DiagnosticAdapter (>= 3.1.12)
      Microsoft.Windows.Compatibility (>= 5.0.2)
      Newtonsoft.Json (>= 12.0.3)
      System.CodeDom (>= 5.0)
      System.Diagnostics.DiagnosticSource (>= 5.0.1)
      TextCopy (>= 4.3)
    Verify.Xunit (10.9.1)
      EmptyFiles (>= 2.6)
      Microsoft.Bcl.AsyncInterfaces (>= 5.0) - restriction: || (&& (== netcoreapp3.1) (>= net472)) (&& (== netcoreapp3.1) (< netstandard2.1)) (== netstandard2.0)
      Newtonsoft.Json (>= 12.0.3)
      Verify (>= 10.9.1)
      xunit.abstractions (>= 2.0.3)
      xunit.assert (>= 2.4.1)
      xunit.extensibility.execution (>= 2.4.1)
    xunit (2.4.1)
      xunit.analyzers (>= 0.10)
      xunit.assert (2.4.1)
      xunit.core (2.4.1)
    xunit.abstractions (2.0.3)
    xunit.analyzers (0.10)
    xunit.assert (2.4.1)
      NETStandard.Library (>= 1.6.1)
    xunit.core (2.4.1)
      xunit.extensibility.core (2.4.1)
      xunit.extensibility.execution (2.4.1)
    xunit.extensibility.core (2.4.1)
      NETStandard.Library (>= 1.6.1)
      xunit.abstractions (>= 2.0.3)
    xunit.extensibility.execution (2.4.1)
      NETStandard.Library (>= 1.6.1)
      xunit.extensibility.core (2.4.1)
    xunit.runner.visualstudio (2.4.3)

GROUP Build
RESTRICTION: || (== netcoreapp3.1) (== netstandard2.0)
NUGET
  remote: https://www.nuget.org/api/v2
    BlackFox.VsWhere (1.1)
      FSharp.Core (>= 4.2.3)
      Microsoft.Win32.Registry (>= 4.7)
    Fake.Api.GitHub (5.19.1)
      FSharp.Core (>= 4.7)
      Octokit (>= 0.36)
    Fake.BuildServer.AppVeyor (5.19.1)
      Fake.Core.Environment (>= 5.19.1)
      Fake.Core.Process (>= 5.19.1)
      Fake.Core.String (>= 5.19.1)
      Fake.Core.Trace (>= 5.19.1)
      Fake.IO.FileSystem (>= 5.19.1)
      Fake.Net.Http (>= 5.19.1)
      FSharp.Core (>= 4.7)
      System.Diagnostics.FileVersionInfo (>= 4.3)
      System.Diagnostics.Process (>= 4.3)
      System.IO.FileSystem.Watcher (>= 4.3)
      System.Net.Http (>= 4.3.4)
      System.Xml.ReaderWriter (>= 4.3.1)
      System.Xml.XDocument (>= 4.3)
      System.Xml.XmlDocument (>= 4.3)
      System.Xml.XPath (>= 4.3)
      System.Xml.XPath.XDocument (>= 4.3)
      System.Xml.XPath.XmlDocument (>= 4.3)
    Fake.Core.CommandLineParsing (5.19.1)
      FParsec (>= 1.0.3)
      FSharp.Core (>= 4.7)
    Fake.Core.Context (5.19.1)
      FSharp.Core (>= 4.7)
    Fake.Core.Environment (5.19.1)
      FSharp.Core (>= 4.7)
    Fake.Core.FakeVar (5.19.1)
      Fake.Core.Context (>= 5.19.1)
      FSharp.Core (>= 4.7)
    Fake.Core.Process (5.19.1)
      Fake.Core.Environment (>= 5.19.1)
      Fake.Core.FakeVar (>= 5.19.1)
      Fake.Core.String (>= 5.19.1)
      Fake.Core.Trace (>= 5.19.1)
      Fake.IO.FileSystem (>= 5.19.1)
      FSharp.Core (>= 4.7)
      System.Diagnostics.Process (>= 4.3)
    Fake.Core.ReleaseNotes (5.19.1)
      Fake.Core.SemVer (>= 5.19.1)
      Fake.Core.String (>= 5.19.1)
      FSharp.Core (>= 4.7)
    Fake.Core.SemVer (5.19.1)
      FSharp.Core (>= 4.7)
      System.Runtime.Numerics (>= 4.3)
    Fake.Core.String (5.19.1)
      FSharp.Core (>= 4.7)
    Fake.Core.Target (5.19.1)
      Fake.Core.CommandLineParsing (>= 5.19.1)
      Fake.Core.Context (>= 5.19.1)
      Fake.Core.Environment (>= 5.19.1)
      Fake.Core.FakeVar (>= 5.19.1)
      Fake.Core.Process (>= 5.19.1)
      Fake.Core.String (>= 5.19.1)
      Fake.Core.Trace (>= 5.19.1)
      FSharp.Control.Reactive (>= 4.2)
      FSharp.Core (>= 4.7)
      System.Reactive.Compatibility (>= 4.3.1)
    Fake.Core.Tasks (5.19.1)
      Fake.Core.Trace (>= 5.19.1)
      FSharp.Core (>= 4.7)
    Fake.Core.Trace (5.19.1)
      Fake.Core.Environment (>= 5.19.1)
      Fake.Core.FakeVar (>= 5.19.1)
      FSharp.Core (>= 4.7)
    Fake.Core.UserInput (5.19.1)
      FSharp.Core (>= 4.7)
    Fake.Core.Xml (5.19.1)
      Fake.Core.String (>= 5.19.1)
      FSharp.Core (>= 4.7)
      System.Xml.ReaderWriter (>= 4.3.1)
      System.Xml.XDocument (>= 4.3)
      System.Xml.XPath (>= 4.3)
      System.Xml.XPath.XDocument (>= 4.3)
      System.Xml.XPath.XmlDocument (>= 4.3)
    Fake.DotNet.AssemblyInfoFile (5.19.1)
      Fake.Core.Environment (>= 5.19.1)
      Fake.Core.String (>= 5.19.1)
      Fake.Core.Trace (>= 5.19.1)
      Fake.IO.FileSystem (>= 5.19.1)
      FSharp.Core (>= 4.7)
    Fake.DotNet.Cli (5.19.1)
      Fake.Core.Environment (>= 5.19.1)
      Fake.Core.Process (>= 5.19.1)
      Fake.Core.String (>= 5.19.1)
      Fake.Core.Trace (>= 5.19.1)
      Fake.DotNet.MsBuild (>= 5.19.1)
      Fake.DotNet.NuGet (>= 5.19.1)
      Fake.IO.FileSystem (>= 5.19.1)
      FSharp.Core (>= 4.7)
      Mono.Posix.NETStandard (>= 1.0)
      Newtonsoft.Json (>= 12.0.3)
    Fake.DotNet.MsBuild (5.19.1)
      BlackFox.VsWhere (>= 1.0)
      Fake.Core.Environment (>= 5.19.1)
      Fake.Core.Process (>= 5.19.1)
      Fake.Core.String (>= 5.19.1)
      Fake.Core.Trace (>= 5.19.1)
      Fake.IO.FileSystem (>= 5.19.1)
      FSharp.Core (>= 4.7)
      MSBuild.StructuredLogger (>= 2.0.152)
    Fake.DotNet.NuGet (5.19.1)
      Fake.Core.Environment (>= 5.19.1)
      Fake.Core.Process (>= 5.19.1)
      Fake.Core.SemVer (>= 5.19.1)
      Fake.Core.String (>= 5.19.1)
      Fake.Core.Tasks (>= 5.19.1)
      Fake.Core.Trace (>= 5.19.1)
      Fake.Core.Xml (>= 5.19.1)
      Fake.IO.FileSystem (>= 5.19.1)
      Fake.Net.Http (>= 5.19.1)
      FSharp.Core (>= 4.7)
      Newtonsoft.Json (>= 12.0.3)
      NuGet.Protocol (>= 4.9.4)
      System.Net.Http (>= 4.3.4)
    Fake.DotNet.Paket (5.19.1)
      Fake.Core.Process (>= 5.19.1)
      Fake.Core.String (>= 5.19.1)
      Fake.Core.Trace (>= 5.19.1)
      Fake.DotNet.Cli (>= 5.19.1)
      Fake.IO.FileSystem (>= 5.19.1)
      FSharp.Core (>= 4.7)
    Fake.DotNet.Testing.XUnit2 (5.19.1)
      Fake.Core.Process (>= 5.19.1)
      Fake.Core.String (>= 5.19.1)
      Fake.Core.Trace (>= 5.19.1)
      Fake.IO.FileSystem (>= 5.19.1)
      Fake.Testing.Common (>= 5.19.1)
      FSharp.Core (>= 4.7)
    Fake.IO.FileSystem (5.19.1)
      Fake.Core.String (>= 5.19.1)
      FSharp.Core (>= 4.7)
      System.Diagnostics.FileVersionInfo (>= 4.3)
      System.IO.FileSystem.Watcher (>= 4.3)
    Fake.Net.Http (5.19.1)
      Fake.Core.Trace (>= 5.19.1)
      FSharp.Core (>= 4.7)
      System.Net.Http (>= 4.3.4)
    Fake.Testing.Common (5.19.1)
      Fake.Core.Trace (>= 5.19.1)
      FSharp.Core (>= 4.7)
    Fake.Tools.Git (5.19.1)
      Fake.Core.Environment (>= 5.19.1)
      Fake.Core.Process (>= 5.19.1)
      Fake.Core.SemVer (>= 5.19.1)
      Fake.Core.String (>= 5.19.1)
      Fake.Core.Trace (>= 5.19.1)
      Fake.IO.FileSystem (>= 5.19.1)
      FSharp.Core (>= 4.7)
    FParsec (1.1.1)
      FSharp.Core (>= 4.3.4)
    FSharp.Control.Reactive (4.4)
      FSharp.Core (>= 4.7)
      System.Reactive (>= 4.3.2)
    FSharp.Core (4.7)
    Microsoft.Build (16.8)
      Microsoft.Build.Framework (>= 16.8) - restriction: || (== netcoreapp3.1) (&& (== netstandard2.0) (>= net472)) (&& (== netstandard2.0) (>= netcoreapp2.1))
      Microsoft.Win32.Registry (>= 4.3) - restriction: || (== netcoreapp3.1) (&& (== netstandard2.0) (>= netcoreapp2.1))
      System.Collections.Immutable (>= 1.5) - restriction: || (== netcoreapp3.1) (&& (== netstandard2.0) (>= net472)) (&& (== netstandard2.0) (>= netcoreapp2.1))
      System.Memory (>= 4.5.3) - restriction: || (== netcoreapp3.1) (&& (== netstandard2.0) (>= net472)) (&& (== netstandard2.0) (>= netcoreapp2.1))
      System.Reflection.Metadata (>= 1.6) - restriction: || (== netcoreapp3.1) (&& (== netstandard2.0) (>= netcoreapp2.1))
      System.Security.Principal.Windows (>= 4.7) - restriction: || (== netcoreapp3.1) (&& (== netstandard2.0) (>= netcoreapp2.1))
      System.Text.Encoding.CodePages (>= 4.0.1) - restriction: || (== netcoreapp3.1) (&& (== netstandard2.0) (>= netcoreapp2.1))
      System.Text.Json (>= 4.7) - restriction: || (== netcoreapp3.1) (&& (== netstandard2.0) (>= net472)) (&& (== netstandard2.0) (>= netcoreapp2.1))
      System.Threading.Tasks.Dataflow (>= 4.9) - restriction: || (== netcoreapp3.1) (&& (== netstandard2.0) (>= net472)) (&& (== netstandard2.0) (>= netcoreapp2.1))
    Microsoft.Build.Framework (16.8)
      System.Security.Permissions (>= 4.7)
    Microsoft.Build.Tasks.Core (16.8)
      Microsoft.Build.Framework (>= 16.8)
      Microsoft.Build.Utilities.Core (>= 16.8)
      Microsoft.Win32.Registry (>= 4.3)
      System.CodeDom (>= 4.4)
      System.Collections.Immutable (>= 1.5)
      System.Reflection.Metadata (>= 1.6)
      System.Reflection.TypeExtensions (>= 4.1)
      System.Resources.Extensions (>= 4.6)
      System.Runtime.InteropServices (>= 4.3)
      System.Security.Cryptography.Pkcs (>= 4.7)
      System.Security.Cryptography.Xml (>= 4.7)
      System.Security.Permissions (>= 4.7)
      System.Threading.Tasks.Dataflow (>= 4.9)
    Microsoft.Build.Utilities.Core (16.8)
      Microsoft.Build.Framework (>= 16.8)
      Microsoft.Win32.Registry (>= 4.3)
      System.Collections.Immutable (>= 1.5)
      System.Security.Permissions (>= 4.7)
      System.Text.Encoding.CodePages (>= 4.0.1)
    Microsoft.NETCore.Platforms (5.0.1)
    Microsoft.NETCore.Targets (5.0)
    Microsoft.Win32.Primitives (4.3)
      Microsoft.NETCore.Platforms (>= 1.1)
      Microsoft.NETCore.Targets (>= 1.1)
      System.Runtime (>= 4.3)
    Microsoft.Win32.Registry (5.0)
      System.Buffers (>= 4.5.1) - restriction: || (&& (== netcoreapp3.1) (>= monoandroid)) (&& (== netcoreapp3.1) (>= monotouch)) (&& (== netcoreapp3.1) (< netcoreapp2.0)) (&& (== netcoreapp3.1) (>= xamarinios)) (&& (== netcoreapp3.1) (>= xamarinmac)) (&& (== netcoreapp3.1) (>= xamarintvos)) (&& (== netcoreapp3.1) (>= xamarinwatchos)) (== netstandard2.0)
      System.Memory (>= 4.5.4) - restriction: || (&& (== netcoreapp3.1) (< netcoreapp2.0)) (&& (== netcoreapp3.1) (< netcoreapp2.1)) (&& (== netcoreapp3.1) (>= uap10.1)) (== netstandard2.0)
      System.Security.AccessControl (>= 5.0)
      System.Security.Principal.Windows (>= 5.0)
    Microsoft.Win32.SystemEvents (5.0) - restriction: || (== netcoreapp3.1) (&& (== netstandard2.0) (>= netcoreapp3.0))
      Microsoft.NETCore.Platforms (>= 5.0) - restriction: || (== netcoreapp3.1) (&& (== netstandard2.0) (>= netcoreapp2.0))
    Mono.Posix.NETStandard (1.0)
    MSBuild.StructuredLogger (2.1.303)
      Microsoft.Build (>= 16.4)
      Microsoft.Build.Framework (>= 16.4)
      Microsoft.Build.Tasks.Core (>= 16.4)
      Microsoft.Build.Utilities.Core (>= 16.4)
    Newtonsoft.Json (12.0.3)
    NuGet.Common (5.8.1)
      NuGet.Frameworks (>= 5.8.1)
    NuGet.Configuration (5.8.1)
      NuGet.Common (>= 5.8.1)
      System.Security.Cryptography.ProtectedData (>= 4.4)
    NuGet.Frameworks (5.8.1)
    NuGet.Packaging (5.8.1)
      Newtonsoft.Json (>= 9.0.1)
      NuGet.Configuration (>= 5.8.1)
      NuGet.Versioning (>= 5.8.1)
      System.Security.Cryptography.Cng (>= 5.0)
      System.Security.Cryptography.Pkcs (>= 5.0)
    NuGet.Protocol (5.8.1)
      NuGet.Packaging (>= 5.8.1)
    NuGet.Versioning (5.8.1)
    Octokit (0.50)
    runtime.debian.8-x64.runtime.native.System.Security.Cryptography.OpenSsl (4.3.3)
    runtime.debian.9-x64.runtime.native.System.Security.Cryptography.OpenSsl (4.3.3)
    runtime.fedora.23-x64.runtime.native.System.Security.Cryptography.OpenSsl (4.3.3)
    runtime.fedora.24-x64.runtime.native.System.Security.Cryptography.OpenSsl (4.3.3)
    runtime.fedora.27-x64.runtime.native.System.Security.Cryptography.OpenSsl (4.3.3)
    runtime.fedora.28-x64.runtime.native.System.Security.Cryptography.OpenSsl (4.3.3)
    runtime.native.System (4.3.1)
      Microsoft.NETCore.Platforms (>= 1.1.1)
      Microsoft.NETCore.Targets (>= 1.1.3)
    runtime.native.System.Net.Http (4.3.1)
      Microsoft.NETCore.Platforms (>= 1.1.1)
      Microsoft.NETCore.Targets (>= 1.1.3)
    runtime.native.System.Security.Cryptography.Apple (4.3.1)
      runtime.osx.10.10-x64.runtime.native.System.Security.Cryptography.Apple (>= 4.3.1)
    runtime.native.System.Security.Cryptography.OpenSsl (4.3.3)
      runtime.debian.8-x64.runtime.native.System.Security.Cryptography.OpenSsl (>= 4.3.3)
      runtime.debian.9-x64.runtime.native.System.Security.Cryptography.OpenSsl (>= 4.3.3)
      runtime.fedora.23-x64.runtime.native.System.Security.Cryptography.OpenSsl (>= 4.3.3)
      runtime.fedora.24-x64.runtime.native.System.Security.Cryptography.OpenSsl (>= 4.3.3)
      runtime.fedora.27-x64.runtime.native.System.Security.Cryptography.OpenSsl (>= 4.3.3)
      runtime.fedora.28-x64.runtime.native.System.Security.Cryptography.OpenSsl (>= 4.3.3)
      runtime.opensuse.13.2-x64.runtime.native.System.Security.Cryptography.OpenSsl (>= 4.3.3)
      runtime.opensuse.42.1-x64.runtime.native.System.Security.Cryptography.OpenSsl (>= 4.3.3)
      runtime.opensuse.42.3-x64.runtime.native.System.Security.Cryptography.OpenSsl (>= 4.3.3)
      runtime.osx.10.10-x64.runtime.native.System.Security.Cryptography.OpenSsl (>= 4.3.3)
      runtime.rhel.7-x64.runtime.native.System.Security.Cryptography.OpenSsl (>= 4.3.3)
      runtime.ubuntu.14.04-x64.runtime.native.System.Security.Cryptography.OpenSsl (>= 4.3.3)
      runtime.ubuntu.16.04-x64.runtime.native.System.Security.Cryptography.OpenSsl (>= 4.3.3)
      runtime.ubuntu.16.10-x64.runtime.native.System.Security.Cryptography.OpenSsl (>= 4.3.3)
      runtime.ubuntu.18.04-x64.runtime.native.System.Security.Cryptography.OpenSsl (>= 4.3.3)
    runtime.opensuse.13.2-x64.runtime.native.System.Security.Cryptography.OpenSsl (4.3.3)
    runtime.opensuse.42.1-x64.runtime.native.System.Security.Cryptography.OpenSsl (4.3.3)
    runtime.opensuse.42.3-x64.runtime.native.System.Security.Cryptography.OpenSsl (4.3.3)
    runtime.osx.10.10-x64.runtime.native.System.Security.Cryptography.Apple (4.3.1)
    runtime.osx.10.10-x64.runtime.native.System.Security.Cryptography.OpenSsl (4.3.3)
    runtime.rhel.7-x64.runtime.native.System.Security.Cryptography.OpenSsl (4.3.3)
    runtime.ubuntu.14.04-x64.runtime.native.System.Security.Cryptography.OpenSsl (4.3.3)
    runtime.ubuntu.16.04-x64.runtime.native.System.Security.Cryptography.OpenSsl (4.3.3)
    runtime.ubuntu.16.10-x64.runtime.native.System.Security.Cryptography.OpenSsl (4.3.3)
    runtime.ubuntu.18.04-x64.runtime.native.System.Security.Cryptography.OpenSsl (4.3.3)
    System.Buffers (4.5.1) - restriction: || (&& (== netcoreapp3.1) (>= monoandroid)) (&& (== netcoreapp3.1) (>= monotouch)) (&& (== netcoreapp3.1) (< netcoreapp2.0)) (&& (== netcoreapp3.1) (>= xamarinios)) (&& (== netcoreapp3.1) (>= xamarinmac)) (&& (== netcoreapp3.1) (>= xamarintvos)) (&& (== netcoreapp3.1) (>= xamarinwatchos)) (== netstandard2.0)
    System.CodeDom (5.0)
    System.Collections (4.3)
      Microsoft.NETCore.Platforms (>= 1.1)
      Microsoft.NETCore.Targets (>= 1.1)
      System.Runtime (>= 4.3)
    System.Collections.Concurrent (4.3)
      System.Collections (>= 4.3)
      System.Diagnostics.Debug (>= 4.3)
      System.Diagnostics.Tracing (>= 4.3)
      System.Globalization (>= 4.3)
      System.Reflection (>= 4.3)
      System.Resources.ResourceManager (>= 4.3)
      System.Runtime (>= 4.3)
      System.Runtime.Extensions (>= 4.3)
      System.Threading (>= 4.3)
      System.Threading.Tasks (>= 4.3)
    System.Collections.Immutable (5.0)
      System.Memory (>= 4.5.4) - restriction: || (&& (== netcoreapp3.1) (>= net461)) (&& (== netcoreapp3.1) (< netcoreapp2.1)) (&& (== netcoreapp3.1) (< netstandard2.0)) (&& (== netcoreapp3.1) (>= uap10.1)) (== netstandard2.0)
    System.Diagnostics.Debug (4.3)
      Microsoft.NETCore.Platforms (>= 1.1)
      Microsoft.NETCore.Targets (>= 1.1)
      System.Runtime (>= 4.3)
    System.Diagnostics.DiagnosticSource (5.0.1)
      System.Memory (>= 4.5.4) - restriction: || (&& (== netcoreapp3.1) (>= net45) (< netstandard1.3)) (&& (== netcoreapp3.1) (>= net46)) (&& (== netcoreapp3.1) (< netcoreapp2.1)) (&& (== netcoreapp3.1) (< netstandard2.0)) (&& (== netcoreapp3.1) (>= uap10.1)) (== netstandard2.0)
      System.Runtime.CompilerServices.Unsafe (>= 5.0) - restriction: || (&& (== netcoreapp3.1) (>= monoandroid)) (&& (== netcoreapp3.1) (>= monotouch)) (&& (== netcoreapp3.1) (>= net45) (< netstandard1.3)) (&& (== netcoreapp3.1) (>= net46)) (&& (== netcoreapp3.1) (< netcoreapp2.1)) (&& (== netcoreapp3.1) (< netcoreapp3.0)) (&& (== netcoreapp3.1) (< netstandard2.0)) (&& (== netcoreapp3.1) (>= uap10.1)) (&& (== netcoreapp3.1) (>= xamarinios)) (&& (== netcoreapp3.1) (>= xamarinmac)) (&& (== netcoreapp3.1) (>= xamarintvos)) (&& (== netcoreapp3.1) (>= xamarinwatchos)) (== netstandard2.0)
    System.Diagnostics.FileVersionInfo (4.3)
      Microsoft.NETCore.Platforms (>= 1.1)
      System.Globalization (>= 4.3)
      System.IO (>= 4.3)
      System.IO.FileSystem (>= 4.3)
      System.IO.FileSystem.Primitives (>= 4.3)
      System.Reflection.Metadata (>= 1.4.1)
      System.Runtime (>= 4.3)
      System.Runtime.Extensions (>= 4.3)
      System.Runtime.InteropServices (>= 4.3)
    System.Diagnostics.Process (4.3)
      Microsoft.NETCore.Platforms (>= 1.1)
      Microsoft.Win32.Primitives (>= 4.3)
      Microsoft.Win32.Registry (>= 4.3)
      runtime.native.System (>= 4.3)
      System.Collections (>= 4.3)
      System.Diagnostics.Debug (>= 4.3)
      System.Globalization (>= 4.3)
      System.IO (>= 4.3)
      System.IO.FileSystem (>= 4.3)
      System.IO.FileSystem.Primitives (>= 4.3)
      System.Resources.ResourceManager (>= 4.3)
      System.Runtime (>= 4.3)
      System.Runtime.Extensions (>= 4.3)
      System.Runtime.Handles (>= 4.3)
      System.Runtime.InteropServices (>= 4.3)
      System.Text.Encoding (>= 4.3)
      System.Text.Encoding.Extensions (>= 4.3)
      System.Threading (>= 4.3)
      System.Threading.Tasks (>= 4.3)
      System.Threading.Thread (>= 4.3)
      System.Threading.ThreadPool (>= 4.3)
    System.Diagnostics.Tools (4.3)
      Microsoft.NETCore.Platforms (>= 1.1)
      Microsoft.NETCore.Targets (>= 1.1)
      System.Runtime (>= 4.3)
    System.Diagnostics.Tracing (4.3)
      Microsoft.NETCore.Platforms (>= 1.1)
      Microsoft.NETCore.Targets (>= 1.1)
      System.Runtime (>= 4.3)
    System.Drawing.Common (5.0.1) - restriction: || (== netcoreapp3.1) (&& (== netstandard2.0) (>= netcoreapp3.0))
      Microsoft.Win32.SystemEvents (>= 5.0) - restriction: || (== netcoreapp3.1) (&& (== netstandard2.0) (>= netcoreapp2.0))
    System.Formats.Asn1 (5.0)
    System.Globalization (4.3)
      Microsoft.NETCore.Platforms (>= 1.1)
      Microsoft.NETCore.Targets (>= 1.1)
      System.Runtime (>= 4.3)
    System.Globalization.Calendars (4.3)
      Microsoft.NETCore.Platforms (>= 1.1)
      Microsoft.NETCore.Targets (>= 1.1)
      System.Globalization (>= 4.3)
      System.Runtime (>= 4.3)
    System.Globalization.Extensions (4.3)
      Microsoft.NETCore.Platforms (>= 1.1)
      System.Globalization (>= 4.3)
      System.Resources.ResourceManager (>= 4.3)
      System.Runtime (>= 4.3)
      System.Runtime.Extensions (>= 4.3)
      System.Runtime.InteropServices (>= 4.3)
    System.IO (4.3)
      Microsoft.NETCore.Platforms (>= 1.1)
      Microsoft.NETCore.Targets (>= 1.1)
      System.Runtime (>= 4.3)
      System.Text.Encoding (>= 4.3)
      System.Threading.Tasks (>= 4.3)
    System.IO.FileSystem (4.3)
      Microsoft.NETCore.Platforms (>= 1.1)
      Microsoft.NETCore.Targets (>= 1.1)
      System.IO (>= 4.3)
      System.IO.FileSystem.Primitives (>= 4.3)
      System.Runtime (>= 4.3)
      System.Runtime.Handles (>= 4.3)
      System.Text.Encoding (>= 4.3)
      System.Threading.Tasks (>= 4.3)
    System.IO.FileSystem.Primitives (4.3)
      System.Runtime (>= 4.3)
    System.IO.FileSystem.Watcher (4.3)
      Microsoft.NETCore.Platforms (>= 1.1)
      Microsoft.Win32.Primitives (>= 4.3)
      runtime.native.System (>= 4.3)
      System.Collections (>= 4.3)
      System.IO.FileSystem (>= 4.3)
      System.IO.FileSystem.Primitives (>= 4.3)
      System.Resources.ResourceManager (>= 4.3)
      System.Runtime (>= 4.3)
      System.Runtime.Extensions (>= 4.3)
      System.Runtime.Handles (>= 4.3)
      System.Runtime.InteropServices (>= 4.3)
      System.Text.Encoding (>= 4.3)
      System.Threading (>= 4.3)
      System.Threading.Overlapped (>= 4.3)
      System.Threading.Tasks (>= 4.3)
      System.Threading.Thread (>= 4.3)
    System.Linq (4.3)
      System.Collections (>= 4.3)
      System.Diagnostics.Debug (>= 4.3)
      System.Resources.ResourceManager (>= 4.3)
      System.Runtime (>= 4.3)
      System.Runtime.Extensions (>= 4.3)
    System.Memory (4.5.4)
      System.Buffers (>= 4.5.1) - restriction: || (&& (== netcoreapp3.1) (>= monoandroid)) (&& (== netcoreapp3.1) (>= monotouch)) (&& (== netcoreapp3.1) (>= net461)) (&& (== netcoreapp3.1) (< netcoreapp2.0)) (&& (== netcoreapp3.1) (< netstandard1.1)) (&& (== netcoreapp3.1) (< netstandard2.0)) (&& (== netcoreapp3.1) (>= xamarinios)) (&& (== netcoreapp3.1) (>= xamarinmac)) (&& (== netcoreapp3.1) (>= xamarintvos)) (&& (== netcoreapp3.1) (>= xamarinwatchos)) (== netstandard2.0)
      System.Numerics.Vectors (>= 4.4) - restriction: || (&& (== netcoreapp3.1) (< netcoreapp2.0)) (== netstandard2.0)
      System.Runtime.CompilerServices.Unsafe (>= 4.5.3) - restriction: || (&& (== netcoreapp3.1) (>= monoandroid)) (&& (== netcoreapp3.1) (>= monotouch)) (&& (== netcoreapp3.1) (>= net461)) (&& (== netcoreapp3.1) (< netcoreapp2.0)) (&& (== netcoreapp3.1) (< netcoreapp2.1)) (&& (== netcoreapp3.1) (< netstandard1.1)) (&& (== netcoreapp3.1) (< netstandard2.0)) (&& (== netcoreapp3.1) (>= uap10.1)) (&& (== netcoreapp3.1) (>= xamarinios)) (&& (== netcoreapp3.1) (>= xamarinmac)) (&& (== netcoreapp3.1) (>= xamarintvos)) (&& (== netcoreapp3.1) (>= xamarinwatchos)) (== netstandard2.0)
    System.Net.Http (4.3.4)
      Microsoft.NETCore.Platforms (>= 1.1.1)
      runtime.native.System (>= 4.3)
      runtime.native.System.Net.Http (>= 4.3)
      runtime.native.System.Security.Cryptography.OpenSsl (>= 4.3.2)
      System.Collections (>= 4.3)
      System.Diagnostics.Debug (>= 4.3)
      System.Diagnostics.DiagnosticSource (>= 4.3)
      System.Diagnostics.Tracing (>= 4.3)
      System.Globalization (>= 4.3)
      System.Globalization.Extensions (>= 4.3)
      System.IO (>= 4.3)
      System.IO.FileSystem (>= 4.3)
      System.Net.Primitives (>= 4.3)
      System.Resources.ResourceManager (>= 4.3)
      System.Runtime (>= 4.3)
      System.Runtime.Extensions (>= 4.3)
      System.Runtime.Handles (>= 4.3)
      System.Runtime.InteropServices (>= 4.3)
      System.Security.Cryptography.Algorithms (>= 4.3)
      System.Security.Cryptography.Encoding (>= 4.3)
      System.Security.Cryptography.OpenSsl (>= 4.3)
      System.Security.Cryptography.Primitives (>= 4.3)
      System.Security.Cryptography.X509Certificates (>= 4.3)
      System.Text.Encoding (>= 4.3)
      System.Threading (>= 4.3)
      System.Threading.Tasks (>= 4.3)
    System.Net.Primitives (4.3.1)
      Microsoft.NETCore.Platforms (>= 1.1.1)
      Microsoft.NETCore.Targets (>= 1.1.3)
      System.Runtime (>= 4.3.1)
      System.Runtime.Handles (>= 4.3)
    System.Numerics.Vectors (4.5) - restriction: || (&& (== netcoreapp3.1) (< netcoreapp2.0)) (&& (== netcoreapp3.1) (>= uap10.1)) (== netstandard2.0)
    System.Reactive (5.0)
      System.Runtime.InteropServices.WindowsRuntime (>= 4.3) - restriction: == netstandard2.0
      System.Threading.Tasks.Extensions (>= 4.5.4) - restriction: || (&& (== netcoreapp3.1) (>= net472)) (&& (== netcoreapp3.1) (>= uap10.1)) (== netstandard2.0)
    System.Reactive.Compatibility (5.0)
      System.Reactive.Core (>= 5.0)
      System.Reactive.Interfaces (>= 5.0)
      System.Reactive.Linq (>= 5.0)
      System.Reactive.PlatformServices (>= 5.0)
      System.Reactive.Providers (>= 5.0)
    System.Reactive.Core (5.0)
      System.Reactive (>= 5.0)
      System.Threading.Tasks.Extensions (>= 4.5.4)
    System.Reactive.Interfaces (5.0)
      System.Reactive (>= 5.0)
      System.Threading.Tasks.Extensions (>= 4.5.4)
    System.Reactive.Linq (5.0)
      System.Reactive (>= 5.0)
      System.Threading.Tasks.Extensions (>= 4.5.4)
    System.Reactive.PlatformServices (5.0)
      System.Reactive (>= 5.0)
      System.Threading.Tasks.Extensions (>= 4.5.4)
    System.Reactive.Providers (5.0)
      System.Reactive (>= 5.0)
      System.Threading.Tasks.Extensions (>= 4.5.4)
    System.Reflection (4.3)
      Microsoft.NETCore.Platforms (>= 1.1)
      Microsoft.NETCore.Targets (>= 1.1)
      System.IO (>= 4.3)
      System.Reflection.Primitives (>= 4.3)
      System.Runtime (>= 4.3)
    System.Reflection.Metadata (5.0)
      System.Collections.Immutable (>= 5.0)
    System.Reflection.Primitives (4.3)
      Microsoft.NETCore.Platforms (>= 1.1)
      Microsoft.NETCore.Targets (>= 1.1)
      System.Runtime (>= 4.3)
    System.Reflection.TypeExtensions (4.7)
    System.Resources.Extensions (5.0)
      System.Memory (>= 4.5.4) - restriction: || (&& (== netcoreapp3.1) (>= net461)) (&& (== netcoreapp3.1) (< netcoreapp2.1)) (== netstandard2.0)
    System.Resources.ResourceManager (4.3)
      Microsoft.NETCore.Platforms (>= 1.1)
      Microsoft.NETCore.Targets (>= 1.1)
      System.Globalization (>= 4.3)
      System.Reflection (>= 4.3)
      System.Runtime (>= 4.3)
    System.Runtime (4.3.1)
      Microsoft.NETCore.Platforms (>= 1.1.1)
      Microsoft.NETCore.Targets (>= 1.1.3)
    System.Runtime.CompilerServices.Unsafe (5.0)
    System.Runtime.Extensions (4.3.1)
      Microsoft.NETCore.Platforms (>= 1.1.1)
      Microsoft.NETCore.Targets (>= 1.1.3)
      System.Runtime (>= 4.3.1)
    System.Runtime.Handles (4.3)
      Microsoft.NETCore.Platforms (>= 1.1)
      Microsoft.NETCore.Targets (>= 1.1)
      System.Runtime (>= 4.3)
    System.Runtime.InteropServices (4.3)
      Microsoft.NETCore.Platforms (>= 1.1)
      Microsoft.NETCore.Targets (>= 1.1)
      System.Reflection (>= 4.3)
      System.Reflection.Primitives (>= 4.3)
      System.Runtime (>= 4.3)
      System.Runtime.Handles (>= 4.3)
    System.Runtime.InteropServices.WindowsRuntime (4.3) - restriction: == netstandard2.0
      System.Runtime (>= 4.3)
    System.Runtime.Numerics (4.3)
      System.Globalization (>= 4.3)
      System.Resources.ResourceManager (>= 4.3)
      System.Runtime (>= 4.3)
      System.Runtime.Extensions (>= 4.3)
    System.Security.AccessControl (5.0)
      Microsoft.NETCore.Platforms (>= 5.0) - restriction: || (== netcoreapp3.1) (&& (== netstandard2.0) (>= netcoreapp2.0))
      System.Security.Principal.Windows (>= 5.0)
    System.Security.Cryptography.Algorithms (4.3.1)
      Microsoft.NETCore.Platforms (>= 1.1)
      runtime.native.System.Security.Cryptography.Apple (>= 4.3.1)
      runtime.native.System.Security.Cryptography.OpenSsl (>= 4.3.2)
      System.Collections (>= 4.3)
      System.IO (>= 4.3)
      System.Resources.ResourceManager (>= 4.3)
      System.Runtime (>= 4.3)
      System.Runtime.Extensions (>= 4.3)
      System.Runtime.Handles (>= 4.3)
      System.Runtime.InteropServices (>= 4.3)
      System.Runtime.Numerics (>= 4.3)
      System.Security.Cryptography.Encoding (>= 4.3)
      System.Security.Cryptography.Primitives (>= 4.3)
      System.Text.Encoding (>= 4.3)
    System.Security.Cryptography.Cng (5.0)
      System.Formats.Asn1 (>= 5.0) - restriction: || (== netcoreapp3.1) (&& (== netstandard2.0) (>= netcoreapp3.0))
    System.Security.Cryptography.Csp (4.3)
      Microsoft.NETCore.Platforms (>= 1.1)
      System.IO (>= 4.3)
      System.Reflection (>= 4.3)
      System.Resources.ResourceManager (>= 4.3)
      System.Runtime (>= 4.3)
      System.Runtime.Extensions (>= 4.3)
      System.Runtime.Handles (>= 4.3)
      System.Runtime.InteropServices (>= 4.3)
      System.Security.Cryptography.Algorithms (>= 4.3)
      System.Security.Cryptography.Encoding (>= 4.3)
      System.Security.Cryptography.Primitives (>= 4.3)
      System.Text.Encoding (>= 4.3)
      System.Threading (>= 4.3)
    System.Security.Cryptography.Encoding (4.3)
      Microsoft.NETCore.Platforms (>= 1.1)
      runtime.native.System.Security.Cryptography.OpenSsl (>= 4.3)
      System.Collections (>= 4.3)
      System.Collections.Concurrent (>= 4.3)
      System.Linq (>= 4.3)
      System.Resources.ResourceManager (>= 4.3)
      System.Runtime (>= 4.3)
      System.Runtime.Extensions (>= 4.3)
      System.Runtime.Handles (>= 4.3)
      System.Runtime.InteropServices (>= 4.3)
      System.Security.Cryptography.Primitives (>= 4.3)
      System.Text.Encoding (>= 4.3)
    System.Security.Cryptography.OpenSsl (5.0)
      System.Formats.Asn1 (>= 5.0) - restriction: || (== netcoreapp3.1) (&& (== netstandard2.0) (>= netcoreapp3.0))
    System.Security.Cryptography.Pkcs (5.0.1)
      System.Buffers (>= 4.5.1) - restriction: || (&& (== netcoreapp3.1) (< netcoreapp2.0) (< netstandard2.1)) (== netstandard2.0)
      System.Formats.Asn1 (>= 5.0)
      System.Memory (>= 4.5.4) - restriction: || (&& (== netcoreapp3.1) (< netcoreapp2.0) (< netstandard2.1)) (&& (== netcoreapp3.1) (< netcoreapp2.1) (< netstandard2.1)) (&& (== netcoreapp3.1) (>= uap10.1)) (== netstandard2.0)
      System.Security.Cryptography.Cng (>= 5.0)
    System.Security.Cryptography.Primitives (4.3)
      System.Diagnostics.Debug (>= 4.3)
      System.Globalization (>= 4.3)
      System.IO (>= 4.3)
      System.Resources.ResourceManager (>= 4.3)
      System.Runtime (>= 4.3)
      System.Threading (>= 4.3)
      System.Threading.Tasks (>= 4.3)
    System.Security.Cryptography.ProtectedData (5.0)
      System.Memory (>= 4.5.4) - restriction: || (&& (== netcoreapp3.1) (< netcoreapp2.1)) (== netstandard2.0)
    System.Security.Cryptography.X509Certificates (4.3.2)
      Microsoft.NETCore.Platforms (>= 1.1)
      runtime.native.System (>= 4.3)
      runtime.native.System.Net.Http (>= 4.3)
      runtime.native.System.Security.Cryptography.OpenSsl (>= 4.3.2)
      System.Collections (>= 4.3)
      System.Diagnostics.Debug (>= 4.3)
      System.Globalization (>= 4.3)
      System.Globalization.Calendars (>= 4.3)
      System.IO (>= 4.3)
      System.IO.FileSystem (>= 4.3)
      System.IO.FileSystem.Primitives (>= 4.3)
      System.Resources.ResourceManager (>= 4.3)
      System.Runtime (>= 4.3)
      System.Runtime.Extensions (>= 4.3)
      System.Runtime.Handles (>= 4.3)
      System.Runtime.InteropServices (>= 4.3)
      System.Runtime.Numerics (>= 4.3)
      System.Security.Cryptography.Algorithms (>= 4.3)
      System.Security.Cryptography.Cng (>= 4.3)
      System.Security.Cryptography.Csp (>= 4.3)
      System.Security.Cryptography.Encoding (>= 4.3)
      System.Security.Cryptography.OpenSsl (>= 4.3)
      System.Security.Cryptography.Primitives (>= 4.3)
      System.Text.Encoding (>= 4.3)
      System.Threading (>= 4.3)
    System.Security.Cryptography.Xml (5.0)
      System.Memory (>= 4.5.4) - restriction: || (&& (== netcoreapp3.1) (< netcoreapp2.1)) (== netstandard2.0)
      System.Security.Cryptography.Pkcs (>= 5.0)
      System.Security.Permissions (>= 5.0)
    System.Security.Permissions (5.0)
      System.Security.AccessControl (>= 5.0)
      System.Windows.Extensions (>= 5.0) - restriction: || (== netcoreapp3.1) (&& (== netstandard2.0) (>= netcoreapp3.0))
    System.Security.Principal.Windows (5.0)
    System.Text.Encoding (4.3)
      Microsoft.NETCore.Platforms (>= 1.1)
      Microsoft.NETCore.Targets (>= 1.1)
      System.Runtime (>= 4.3)
    System.Text.Encoding.CodePages (5.0)
      Microsoft.NETCore.Platforms (>= 5.0) - restriction: || (== netcoreapp3.1) (&& (== netstandard2.0) (>= netcoreapp2.0))
      System.Runtime.CompilerServices.Unsafe (>= 5.0)
    System.Text.Encoding.Extensions (4.3)
      Microsoft.NETCore.Platforms (>= 1.1)
      Microsoft.NETCore.Targets (>= 1.1)
      System.Runtime (>= 4.3)
      System.Text.Encoding (>= 4.3)
    System.Text.Json (5.0.1) - restriction: || (== netcoreapp3.1) (&& (== netstandard2.0) (>= net472)) (&& (== netstandard2.0) (>= netcoreapp2.1))
    System.Text.RegularExpressions (4.3.1)
      System.Collections (>= 4.3) - restriction: || (&& (== netcoreapp3.1) (< netcoreapp1.1)) (&& (== netcoreapp3.1) (>= netcoreapp5.0)) (== netstandard2.0)
      System.Globalization (>= 4.3) - restriction: || (&& (== netcoreapp3.1) (< netcoreapp1.1)) (&& (== netcoreapp3.1) (>= netcoreapp5.0)) (== netstandard2.0)
      System.Resources.ResourceManager (>= 4.3) - restriction: || (&& (== netcoreapp3.1) (< netcoreapp1.1)) (&& (== netcoreapp3.1) (>= netcoreapp5.0)) (== netstandard2.0)
      System.Runtime (>= 4.3.1)
      System.Runtime.Extensions (>= 4.3.1) - restriction: || (&& (== netcoreapp3.1) (< netcoreapp1.1)) (&& (== netcoreapp3.1) (>= netcoreapp5.0)) (== netstandard2.0)
      System.Threading (>= 4.3) - restriction: || (&& (== netcoreapp3.1) (< netcoreapp1.1)) (&& (== netcoreapp3.1) (>= netcoreapp5.0)) (== netstandard2.0)
    System.Threading (4.3)
      System.Runtime (>= 4.3)
      System.Threading.Tasks (>= 4.3)
    System.Threading.Overlapped (4.3)
      Microsoft.NETCore.Platforms (>= 1.1)
      System.Resources.ResourceManager (>= 4.3)
      System.Runtime (>= 4.3)
      System.Runtime.Handles (>= 4.3)
    System.Threading.Tasks (4.3)
      Microsoft.NETCore.Platforms (>= 1.1)
      Microsoft.NETCore.Targets (>= 1.1)
      System.Runtime (>= 4.3)
    System.Threading.Tasks.Dataflow (5.0)
    System.Threading.Tasks.Extensions (4.5.4)
      System.Runtime.CompilerServices.Unsafe (>= 4.5.3) - restriction: || (&& (== netcoreapp3.1) (>= net461)) (&& (== netcoreapp3.1) (< netcoreapp2.1)) (&& (== netcoreapp3.1) (< netstandard1.0)) (&& (== netcoreapp3.1) (< netstandard2.0)) (&& (== netcoreapp3.1) (>= wp8)) (== netstandard2.0)
    System.Threading.Thread (4.3)
      System.Runtime (>= 4.3)
    System.Threading.ThreadPool (4.3)
      System.Runtime (>= 4.3)
      System.Runtime.Handles (>= 4.3)
    System.Windows.Extensions (5.0) - restriction: || (== netcoreapp3.1) (&& (== netstandard2.0) (>= netcoreapp3.0))
      System.Drawing.Common (>= 5.0) - restriction: || (== netcoreapp3.1) (&& (== netstandard2.0) (>= netcoreapp3.0))
    System.Xml.ReaderWriter (4.3.1)
      System.Collections (>= 4.3)
      System.Diagnostics.Debug (>= 4.3)
      System.Globalization (>= 4.3)
      System.IO (>= 4.3)
      System.IO.FileSystem (>= 4.3)
      System.IO.FileSystem.Primitives (>= 4.3)
      System.Resources.ResourceManager (>= 4.3)
      System.Runtime (>= 4.3)
      System.Runtime.Extensions (>= 4.3)
      System.Runtime.InteropServices (>= 4.3)
      System.Text.Encoding (>= 4.3)
      System.Text.Encoding.Extensions (>= 4.3)
      System.Text.RegularExpressions (>= 4.3)
      System.Threading.Tasks (>= 4.3)
      System.Threading.Tasks.Extensions (>= 4.3)
    System.Xml.XDocument (4.3)
      System.Collections (>= 4.3)
      System.Diagnostics.Debug (>= 4.3)
      System.Diagnostics.Tools (>= 4.3)
      System.Globalization (>= 4.3)
      System.IO (>= 4.3)
      System.Reflection (>= 4.3)
      System.Resources.ResourceManager (>= 4.3)
      System.Runtime (>= 4.3)
      System.Runtime.Extensions (>= 4.3)
      System.Text.Encoding (>= 4.3)
      System.Threading (>= 4.3)
      System.Xml.ReaderWriter (>= 4.3)
    System.Xml.XmlDocument (4.3)
      System.Collections (>= 4.3)
      System.Diagnostics.Debug (>= 4.3)
      System.Globalization (>= 4.3)
      System.IO (>= 4.3)
      System.Resources.ResourceManager (>= 4.3)
      System.Runtime (>= 4.3)
      System.Runtime.Extensions (>= 4.3)
      System.Text.Encoding (>= 4.3)
      System.Threading (>= 4.3)
      System.Xml.ReaderWriter (>= 4.3)
    System.Xml.XPath (4.3)
      System.Collections (>= 4.3)
      System.Diagnostics.Debug (>= 4.3)
      System.Globalization (>= 4.3)
      System.IO (>= 4.3)
      System.Resources.ResourceManager (>= 4.3)
      System.Runtime (>= 4.3)
      System.Runtime.Extensions (>= 4.3)
      System.Threading (>= 4.3)
      System.Xml.ReaderWriter (>= 4.3)
    System.Xml.XPath.XDocument (4.3)
      System.Diagnostics.Debug (>= 4.3)
      System.Linq (>= 4.3)
      System.Resources.ResourceManager (>= 4.3)
      System.Runtime (>= 4.3)
      System.Runtime.Extensions (>= 4.3)
      System.Threading (>= 4.3)
      System.Xml.ReaderWriter (>= 4.3)
      System.Xml.XDocument (>= 4.3)
      System.Xml.XPath (>= 4.3)
    System.Xml.XPath.XmlDocument (4.3)
      System.Collections (>= 4.3)
      System.Globalization (>= 4.3)
      System.IO (>= 4.3)
      System.Resources.ResourceManager (>= 4.3)
      System.Runtime (>= 4.3)
      System.Runtime.Extensions (>= 4.3)
      System.Threading (>= 4.3)
      System.Xml.ReaderWriter (>= 4.3)
      System.Xml.XmlDocument (>= 4.3)
      System.Xml.XPath (>= 4.3)
